PATH
  remote: .
  specs:
    rails-footnotes (7.1.1)
      rails (>= 7, < 9)

GEM
  remote: https://rubygems.org/
  specs:
    actioncable (7.1.5)
      actionpack (= 7.1.5)
      activesupport (= 7.1.5)
      nio4r (~> 2.0)
      websocket-driver (>= 0.6.1)
      zeitwerk (~> 2.6)
    actionmailbox (7.1.5)
      actionpack (= 7.1.5)
      activejob (= 7.1.5)
      activerecord (= 7.1.5)
      activestorage (= 7.1.5)
      activesupport (= 7.1.5)
      mail (>= 2.7.1)
      net-imap
      net-pop
      net-smtp
    actionmailer (7.1.5)
      actionpack (= 7.1.5)
      actionview (= 7.1.5)
      activejob (= 7.1.5)
      activesupport (= 7.1.5)
      mail (~> 2.5, >= 2.5.4)
      net-imap
      net-pop
      net-smtp
      rails-dom-testing (~> 2.2)
    actionpack (7.1.5)
      actionview (= 7.1.5)
      activesupport (= 7.1.5)
      nokogiri (>= 1.8.5)
      racc
      rack (>= 2.2.4)
      rack-session (>= 1.0.1)
      rack-test (>= 0.6.3)
      rails-dom-testing (~> 2.2)
      rails-html-sanitizer (~> 1.6)
    actiontext (7.1.5)
      actionpack (= 7.1.5)
      activerecord (= 7.1.5)
      activestorage (= 7.1.5)
      activesupport (= 7.1.5)
      globalid (>= 0.6.0)
      nokogiri (>= 1.8.5)
    actionview (7.1.5)
      activesupport (= 7.1.5)
      builder (~> 3.1)
      erubi (~> 1.11)
      rails-dom-testing (~> 2.2)
      rails-html-sanitizer (~> 1.6)
    activejob (7.1.5)
      activesupport (= 7.1.5)
      globalid (>= 0.3.6)
    activemodel (7.1.5)
      activesupport (= 7.1.5)
    activerecord (7.1.5)
      activemodel (= 7.1.5)
      activesupport (= 7.1.5)
      timeout (>= 0.4.0)
    activestorage (7.1.5)
      actionpack (= 7.1.5)
      activejob (= 7.1.5)
      activerecord (= 7.1.5)
      activesupport (= 7.1.5)
      marcel (~> 1.0)
    activesupport (7.1.5)
      base64
      benchmark (>= 0.3)
      bigdecimal
      concurrent-ruby (~> 1.0, >= 1.0.2)
      connection_pool (>= 2.2.5)
      drb
      i18n (>= 1.6, < 2)
      logger (>= 1.4.2)
      minitest (>= 5.1)
      mutex_m
      securerandom (>= 0.3)
      tzinfo (~> 2.0)
    addressable (2.8.6)
      public_suffix (>= 2.0.2, < 6.0)
    base64 (0.2.0)
    benchmark (0.4.0)
    bigdecimal (3.1.8)
    builder (3.3.0)
    capybara (3.40.0)
      addressable
      matrix
      mini_mime (>= 0.1.3)
      nokogiri (~> 1.11)
      rack (>= 1.6.0)
      rack-test (>= 0.6.3)
      regexp_parser (>= 1.5, < 3.0)
      xpath (~> 3.2)
    coderay (1.1.3)
    concurrent-ruby (1.3.4)
    connection_pool (2.4.1)
    crass (1.0.6)
    date (3.4.0)
    diff-lcs (1.5.1)
    drb (2.2.1)
    erubi (1.13.0)
    gem-release (2.2.2)
    globalid (1.2.1)
      activesupport (>= 6.1)
    i18n (1.14.6)
      concurrent-ruby (~> 1.0)
    io-console (0.7.2)
    irb (1.14.1)
      rdoc (>= 4.0.0)
      reline (>= 0.4.2)
    logger (1.6.1)
    loofah (2.23.1)
      crass (~> 1.0.2)
      nokogiri (>= 1.12.0)
    mail (2.8.1)
      mini_mime (>= 0.1.1)
      net-imap
      net-pop
      net-smtp
    marcel (1.0.4)
    matrix (0.4.2)
    method_source (1.1.0)
    mini_mime (1.1.5)
    minitest (5.25.1)
    mutex_m (0.3.0)
    net-imap (0.4.18)
      date
      net-protocol
    net-pop (0.1.2)
      net-protocol
    net-protocol (0.2.2)
      timeout
    net-smtp (0.5.0)
      net-protocol
    nio4r (2.7.4)
    nokogiri (1.16.7-arm64-darwin)
      racc (~> 1.4)
    nokogiri (1.16.7-x86_64-linux)
      racc (~> 1.4)
    pry (0.15.0)
      coderay (~> 1.1)
      method_source (~> 1.0)
    psych (5.2.0)
      stringio
    public_suffix (5.0.4)
    racc (1.8.1)
    rack (3.1.8)
    rack-session (2.0.0)
      rack (>= 3.0.0)
    rack-test (2.1.0)
      rack (>= 1.3)
    rackup (2.2.1)
      rack (>= 3)
    rails (7.1.5)
      actioncable (= 7.1.5)
      actionmailbox (= 7.1.5)
      actionmailer (= 7.1.5)
      actionpack (= 7.1.5)
      actiontext (= 7.1.5)
      actionview (= 7.1.5)
      activejob (= 7.1.5)
      activemodel (= 7.1.5)
      activerecord (= 7.1.5)
      activestorage (= 7.1.5)
      activesupport (= 7.1.5)
      bundler (>= 1.15.0)
      railties (= 7.1.5)
    rails-dom-testing (2.2.0)
      activesupport (>= 5.0.0)
      minitest
      nokogiri (>= 1.6)
    rails-html-sanitizer (1.6.0)
      loofah (~> 2.21)
      nokogiri (~> 1.14)
    railties (7.1.5)
      actionpack (= 7.1.5)
      activesupport (= 7.1.5)
      irb
      rackup (>= 1.0.0)
      rake (>= 12.2)
      thor (~> 1.0, >= 1.2.2)
      zeitwerk (~> 2.6)
    rake (13.2.1)
    rdoc (6.8.1)
      psych (>= 4.0.0)
    regexp_parser (2.9.0)
    reline (0.5.11)
      io-console (~> 0.5)
    rspec-core (3.13.2)
      rspec-support (~> 3.13.0)
    rspec-expectations (3.13.3)
      diff-lcs (>= 1.2.0, < 2.0)
      rspec-support (~> 3.13.0)
    rspec-mocks (3.13.2)
      diff-lcs (>= 1.2.0, < 2.0)
      rspec-support (~> 3.13.0)
    rspec-rails (7.1.0)
      actionpack (>= 7.0)
      activesupport (>= 7.0)
      railties (>= 7.0)
      rspec-core (~> 3.13)
      rspec-expectations (~> 3.13)
      rspec-mocks (~> 3.13)
      rspec-support (~> 3.13)
    rspec-support (3.13.1)
    securerandom (0.3.2)
    sprockets (4.2.1)
      concurrent-ruby (~> 1.0)
      rack (>= 2.2.4, < 4)
    sprockets-rails (3.5.2)
      actionpack (>= 6.1)
      activesupport (>= 6.1)
      sprockets (>= 3.0.0)
    sqlite3 (2.0.4-arm64-darwin)
    sqlite3 (2.0.4-x86_64-linux-gnu)
    stringio (3.1.2)
    thor (1.3.2)
    timeout (0.4.2)
    tzinfo (2.0.6)
      concurrent-ruby (~> 1.0)
    websocket-driver (0.7.6)
      websocket-extensions (>= 0.1.0)
    websocket-extensions (0.1.5)
    xpath (3.2.0)
      nokogiri (~> 1.8)
    zeitwerk (2.6.18)

PLATFORMS
  arm64-darwin-20
  arm64-darwin-22
  arm64-darwin-23
  x86_64-linux

DEPENDENCIES
  capybara (~> 3.40)
  gem-release (~> 2.2)
  matrix (~> 0.4.2)
  nokogiri (~> 1.16)
  pry (~> 0.15.0)
  rails-footnotes!
  rake (~> 13.2)
  rspec-rails (~> 7.1)
  sprockets-rails (~> 3.5)
  sqlite3 (~> 2.0)

RUBY VERSION
   ruby 3.3.1p55

BUNDLED WITH
   2.5.10
